GEM
  remote: https://rubygems.org/
  specs:
    coderay (1.1.1)
    domain_name (0.5.20170223)
      unf (>= 0.0.5, < 1.0.0)
    geocoder (1.4.3)
    http-cookie (1.0.3)
      domain_name (~> 0.5)
    json (2.0.3)
    method_source (0.8.2)
    mime-types (3.1)
      mime-types-data (~> 3.2015)
    mime-types-data (3.2016.0521)
    netrc (0.11.0)
    power_assert (1.0.1)
    pry (0.10.4)
      coderay (~> 1.1.0)
      method_source (~> 0.8.1)
      slop (~> 3.4)
    rake (12.0.0)
    rest-client (2.0.1)
      http-cookie (>= 1.0.2, < 2.0)
      mime-types (>= 1.16, < 4.0)
      netrc (~> 0.8)
    sinatra-cross_origin (0.3.2)
    slop (3.6.0)
    test-unit (3.2.3)
      power_assert
    unf (0.1.4)
      unf_ext
    unf_ext (0.0.7.2)

PLATFORMS
  ruby

DEPENDENCIES
  geocoder
  json
  pry
  rake
  rest-client
  sinatra-cross_origin (~> 0.3.1)
  test-unit

BUNDLED WITH
   1.14.5
